GEM
  remote: https://rubygems.org/
  specs:
    avro (1.12.0)
      multi_json (~> 1.0)
    avro_turf (1.16.0)
      avro (>= 1.11.3, < 1.13)
      excon (~> 0.104)
    bigdecimal (3.1.8)
    certifi (2018.01.18)
    dotenv (3.1.2)
    excon (0.111.0)
    faraday (2.10.1)
      faraday-net_http (>= 2.0, < 3.2)
      logger
    faraday-net_http (3.1.1)
      net-http
    google-protobuf (4.27.3-x86_64-linux)
      bigdecimal
      rake (>= 13)
    googleapis-common-protos-types (1.15.0)
      google-protobuf (>= 3.18, < 5.a)
    grpc (1.65.2-x86_64-linux)
      google-protobuf (>= 3.25, < 5.0)
      googleapis-common-protos-types (~> 1.0)
    grpc-tools (1.65.2)
    logger (1.6.0)
    multi_json (1.15.0)
    net-http (0.4.1)
      uri
    rake (13.2.1)
    uri (0.13.0)

PLATFORMS
  x86_64-linux

DEPENDENCIES
  avro_turf
  certifi
  dotenv
  faraday
  grpc
  grpc-tools

BUNDLED WITH
   2.5.17
