GEM
  remote: https://rubygems.org/
  specs:
    ast (2.4.2)
    avro (1.12.0)
      multi_json (~> 1.0)
    avro_turf (1.17.0)
      avro (>= 1.11.3, < 1.13)
      excon (~> 0.104)
    bigdecimal (3.1.8)
    bitstring (1.0.0)
      versionomy (>= 0.3.0)
    blockenspiel (0.5.0)
    certifi (2018.01.18)
    coderay (1.1.3)
    diff-lcs (1.5.1)
    dotenv (3.1.2)
    excon (0.111.0)
    faraday (2.11.0)
      faraday-net_http (>= 2.0, < 3.4)
      logger
    faraday-net_http (3.3.0)
      net-http
    google-protobuf (4.28.0)
      bigdecimal
      rake (>= 13)
    google-protobuf (4.28.0-x86_64-linux)
      bigdecimal
      rake (>= 13)
    googleapis-common-protos-types (1.15.0)
      google-protobuf (>= 3.18, < 5.a)
    grpc (1.66.0)
      google-protobuf (>= 3.25, < 5.0)
      googleapis-common-protos-types (~> 1.0)
    grpc (1.66.0-x86_64-linux)
      google-protobuf (>= 3.25, < 5.0)
      googleapis-common-protos-types (~> 1.0)
    grpc-tools (1.66.0)
    json (2.7.2)
    language_server-protocol (3.17.0.3)
    logger (1.6.1)
    method_source (1.1.0)
    multi_json (1.15.0)
    net-http (0.4.1)
      uri
    parallel (1.26.3)
    parser (3.3.4.2)
      ast (~> 2.4.1)
      racc
    pry (0.14.2)
      coderay (~> 1.1)
      method_source (~> 1.0)
    racc (1.8.1)
    rainbow (3.1.1)
    rake (13.2.1)
    regexp_parser (2.9.2)
    require_all (3.0.0)
    rspec (3.13.0)
      rspec-core (~> 3.13.0)
      rspec-expectations (~> 3.13.0)
      rspec-mocks (~> 3.13.0)
    rspec-core (3.13.1)
      rspec-support (~> 3.13.0)
    rspec-expectations (3.13.2)
      diff-lcs (>= 1.2.0, < 2.0)
      rspec-support (~> 3.13.0)
    rspec-mocks (3.13.1)
      diff-lcs (>= 1.2.0, < 2.0)
      rspec-support (~> 3.13.0)
    rspec-support (3.13.1)
    rubocop (1.66.0)
      json (~> 2.3)
      language_server-protocol (>= 3.17.0)
      parallel (~> 1.10)
      parser (>= 3.3.0.2)
      rainbow (>= 2.2.2, < 4.0)
      regexp_parser (>= 2.4, < 3.0)
      rubocop-ast (>= 1.32.1, < 2.0)
      ruby-progressbar (~> 1.7)
      unicode-display_width (>= 2.4.0, < 3.0)
    rubocop-ast (1.32.2)
      parser (>= 3.3.1.0)
    rubocop-rake (0.6.0)
      rubocop (~> 1.0)
    rubocop-rspec (3.0.4)
      rubocop (~> 1.61)
    ruby-limiter (2.3.0)
    ruby-progressbar (1.13.0)
    unicode-display_width (2.5.0)
    uri (0.13.1)
    versionomy (0.5.0)
      blockenspiel (~> 0.5)

PLATFORMS
  ruby
  x86_64-linux

DEPENDENCIES
  avro_turf
  bitstring
  certifi
  dotenv
  faraday
  grpc
  grpc-tools
  pry
  rake
  require_all
  rspec
  rubocop
  rubocop-rake
  rubocop-rspec
  ruby-limiter

BUNDLED WITH
   2.5.17
